GEM
  remote: https://rubygems.org/
  specs:
    activemodel (3.2.14)
      activesupport (= 3.2.14)
      builder (~> 3.0.0)
    activerecord (3.2.14)
      activemodel (= 3.2.14)
      activesupport (= 3.2.14)
      arel (~> 3.0.2)
      tzinfo (~> 0.3.29)
    activesupport (3.2.14)
      i18n (~> 0.6, >= 0.6.4)
      multi_json (~> 1.0)
    addressable (2.3.5)
    arel (3.0.2)
    builder (3.0.4)
    dm-core (1.2.1)
      addressable (~> 2.3)
    dm-serializer (1.2.2)
      dm-core (~> 1.2.0)
      fastercsv (~> 1.5)
      json (~> 1.6)
      json_pure (~> 1.6)
      multi_json (~> 1.0)
    fastercsv (1.5.5)
    i18n (0.6.5)
    json (1.8.0)
    json_pure (1.8.0)
    multi_json (1.8.2)
    pg (0.17.0)
    rack (1.5.2)
    rake (10.0.4)
    sinatra (1.0)
      rack (>= 1.0)
    sinatra-activerecord (1.2.3)
      activerecord (>= 3.0)
      sinatra (~> 1.0)
    sinatra-jsonp (0.3.2)
      json_pure (~> 1.4)
      sinatra (~> 1.0)
    tzinfo (0.3.38)

PLATFORMS
  ruby

DEPENDENCIES
  activerecord (~> 3.2.0)
  dm-serializer
  pg
  rake (~> 10.0.4)
  sinatra (= 1.0)
  sinatra-activerecord (~> 1.2.2)
  sinatra-jsonp
