GEM
  remote: https://rubygems.org/
  specs:
    mysql2 (0.3.13)
    rack (1.5.2)
    sinatra (1.0)
      rack (>= 1.0)

PLATFORMS
  ruby

DEPENDENCIES
  mysql2
  sinatra (= 1.0)
